GEM
  remote: https://rubygems.org/
  specs:
    colorize (0.8.1)
    console_splash (2.0.1)
      colorize
    shoes (3.0.1)

PLATFORMS
  ruby
  x64-mingw32

DEPENDENCIES
  colorize
  console_splash
  shoes

BUNDLED WITH
   1.15.2
